PATH
  remote: .
  specs:
    grape (0.1.4)
      multi_json
      multi_xml
      rack
      rack-jsonp
      rack-mount

GEM
  remote: http://rubygems.org/
  specs:
    diff-lcs (1.1.2)
    json_pure (1.4.3)
    maruku (0.6.0)
      syntax (>= 1.0.0)
    mg (0.0.8)
      rake
    multi_json (1.0.0)
    multi_xml (0.2.2)
    rack (1.2.2)
    rack-jsonp (1.1.0)
      rack
    rack-mount (0.7.2)
      rack (>= 1.0.0)
    rack-test (0.5.4)
      rack (>= 1.0)
    rake (0.8.7)
    rspec (2.5.0)
      rspec-core (~> 2.5.0)
      rspec-expectations (~> 2.5.0)
      rspec-mocks (~> 2.5.0)
    rspec-core (2.5.1)
    rspec-expectations (2.5.0)
      diff-lcs (~> 1.1.2)
    rspec-mocks (2.5.0)
    syntax (1.0.0)
    yard (0.6.1)

PLATFORMS
  ruby

DEPENDENCIES
  grape!
  json_pure
  maruku
  mg
  rack-test
  rspec (~> 2.5.0)
  yard
